PATH
  remote: .
  specs:
    fenris (0.0.9)
      eventmachine (>= 0.12.10)
      multi_json (>= 1.0.3)
      rest-client (>= 1.6.7)

GEM
  remote: http://rubygems.org/
  specs:
    crack (0.3.1)
    eventmachine (0.12.10)
    mime-types (1.16)
    multi_json (1.0.3)
    parka (0.8.0)
      crack (~> 0.3.0)
      psych (~> 1.2.1)
      rest-client (~> 1.6.7)
      thor (~> 0.14.6)
    psych (1.2.2)
    rest-client (1.6.7)
      mime-types (>= 1.16)
    thor (0.14.6)

PLATFORMS
  ruby

DEPENDENCIES
  fenris!
  parka
